GEM
  remote: http://rubygems.org/
  specs:
    RedCloth (4.2.7)
    capybara (0.4.1.2)
      celerity (>= 0.7.9)
      culerity (>= 0.2.4)
      mime-types (>= 1.16)
      nokogiri (>= 1.3.3)
      rack (>= 1.0.0)
      rack-test (>= 0.5.4)
      selenium-webdriver (>= 0.0.27)
      xpath (~> 0.1.3)
    celerity (0.8.9)
    childprocess (0.1.9)
      ffi (~> 1.0.6)
    chunky_png (1.2.0)
    coffee-script (2.2.0)
      coffee-script-source
      execjs
    coffee-script-source (0.9.5)
    compass (0.11.5)
      chunky_png (~> 1.2)
      fssm (>= 0.2.7)
      sass (~> 3.1)
    contest (0.1.3)
    culerity (0.2.15)
    execjs (0.2.0)
    ffi (1.0.9)
    fssm (0.2.7)
    haml (3.1.2)
    hashie (1.0.0)
    jsmin (1.0.1)
    json_pure (1.5.1)
    maruku (0.6.0)
      syntax (>= 1.0.0)
    mime-types (1.16)
    nokogiri (1.5.0)
    pistol (0.0.2)
    rack (1.2.1)
    rack-test (0.6.0)
      rack (>= 1.0)
    renvy (0.2.3)
      test-unit
    rtopia (0.2.3)
    rubyzip (0.9.4)
    sass (3.1.5)
    selenium-webdriver (0.2.0)
      childprocess (>= 0.1.7)
      ffi (>= 1.0.7)
      json_pure
      rubyzip
    sinatra (1.2.6)
      rack (~> 1.1)
      tilt (< 2.0, >= 1.2.2)
    sinatra-content-for (0.2)
      sinatra
    sinatra-support (1.2.1)
      sinatra (>= 1.0)
    spork (0.8.5)
    spork-testunit (0.0.5)
      spork (>= 0.6.0)
    syntax (1.0.0)
    test-unit (2.3.0)
    therubyracer-heroku (0.8.1.pre3)
    tilt (1.3.2)
    xpath (0.1.4)
      nokogiri (~> 1.3)

PLATFORMS
  ruby

DEPENDENCIES
  RedCloth (~> 4.2.7)
  capybara
  coffee-script
  compass (~> 0.11.1)
  contest
  haml (~> 3.1.1)
  hashie (~> 1.0.0)
  jsmin (~> 1.0.1)
  maruku
  pistol (~> 0.0.2)
  renvy (~> 0.2.2)
  rtopia (~> 0.2.3)
  sass (~> 3.1.1)
  sinatra (~> 1.2.6)
  sinatra-content-for
  sinatra-support (~> 1.2.1)
  spork (~> 0.8.4)
  spork-testunit (~> 0.0.5)
  therubyracer-heroku (= 0.8.1.pre3)
